GEM
  remote: http://rubygems.org/
  specs:
    net-ssh (3.0.2)

PLATFORMS
  ruby

DEPENDENCIES
  net-ssh

BUNDLED WITH
   1.11.2
